GEM
  remote: https://rubygems.org/
  specs:
    net-scp (1.2.1)
      net-ssh (>= 2.6.5)
    net-ssh (2.9.1)
    rake (10.4.2)

PLATFORMS
  ruby

DEPENDENCIES
  net-scp
  net-ssh
  rake
