GEM
  remote: https://rubygems.org/
  specs:
    net-ssh (2.9.1)
    rake (10.4.0)

PLATFORMS
  ruby

DEPENDENCIES
  net-ssh
  rake
